GEM
  remote: https://rubygems.org/
  specs:
    chunky_png (1.2.7)
    compass (0.12.2)
      chunky_png (~> 1.2)
      fssm (>= 0.2.7)
      sass (~> 3.1)
    compass-960-plugin (0.10.4)
      compass (>= 0.10.0)
    fssm (0.2.9)
    haml (3.1.7)
    sass (3.2.5)
    watch (0.1.0)

PLATFORMS
  ruby

DEPENDENCIES
  compass
  compass-960-plugin
  haml
  sass
  watch
