GEM
  remote: https://rubygems.org/
  specs:
    bourbon-compass (3.1.6)
      compass (>= 0.11)
      sass (>= 3.2.0)
    chunky_png (1.2.8)
    compass (0.12.2)
      chunky_png (~> 1.2)
      fssm (>= 0.2.7)
      sass (~> 3.1)
    fssm (0.2.10)
    haml (5.0.0)
      temple (>= 0.8.0)
      tilt
    sass (3.2.8)
    sassy-buttons (0.1.4)
      compass (>= 0.12.2)
      sass (>= 3.2.0)
    susy (1.0.8)
      compass (>= 0.12.2)
      sass (>= 3.2.0)
    temple (0.8.2)
    tilt (2.0.10)
    watchr (0.7)

PLATFORMS
  ruby

DEPENDENCIES
  bourbon-compass
  compass
  haml
  sass
  sassy-buttons
  susy
  watchr
